GEM
  remote: https://rubygems.org/
  specs:
    activesupport (4.2.7)
      i18n (~> 0.7)
      json (~> 1.7, >= 1.7.7)
      minitest (~> 5.1)
      thread_safe (~> 0.3, >= 0.3.4)
      tzinfo (~> 1.1)
    claide (1.0.0)
    colored (1.2)
    i18n (0.7.0)
    ib (1.0.1)
      thor (~> 0.19.1)
      tilt (~> 2.0.3)
      xcodeproj (~> 1.0)
    json (1.8.3)
    minitest (5.9.0)
    motion-flow (0.1.3)
    motion-yaml (1.4)
    plist (3.2.0)
    rake (11.2.2)
    thor (0.19.1)
    thread_safe (0.3.5)
    tilt (2.0.5)
    tzinfo (1.2.2)
      thread_safe (~> 0.1)
    xcodeproj (1.2.0)
      activesupport (>= 3)
      claide (>= 1.0.0, < 2.0)
      colored (~> 1.2)

PLATFORMS
  ruby

DEPENDENCIES
  ib
  motion-flow
  rake

BUNDLED WITH
   1.12.5
